PATH
  remote: .
  specs:
    ruby_sql_lexer (1.0.0)
      helix_runtime

GEM
  remote: https://rubygems.org/
  specs:
    helix_runtime (0.6.1)
      rake (>= 10.0)
      thor (~> 0.19.4)
    rake (12.0.0)
    thor (0.19.4)

PLATFORMS
  ruby

DEPENDENCIES
  ruby_sql_lexer!

BUNDLED WITH
   1.15.1
